GIT
  remote: https://github.com/tumblr/tumblr_client
  revision: a72b7f4636cb0ea75cb65ce90df902c3cb7d96b7
  specs:
    tumblr_client (0.8.6)
      faraday (~> 1.0)
      faraday_middleware (~> 1.0)
      json
      mime-types
      oauth
      simple_oauth

GEM
  remote: https://rubygems.org/
  specs:
    faraday (1.10.3)
      faraday-em_http (~> 1.0)
      faraday-em_synchrony (~> 1.0)
      faraday-excon (~> 1.1)
      faraday-httpclient (~> 1.0)
      faraday-multipart (~> 1.0)
      faraday-net_http (~> 1.0)
      faraday-net_http_persistent (~> 1.0)
      faraday-patron (~> 1.0)
      faraday-rack (~> 1.0)
      faraday-retry (~> 1.0)
      ruby2_keywords (>= 0.0.4)
    faraday-em_http (1.0.0)
    faraday-em_synchrony (1.0.0)
    faraday-excon (1.1.0)
    faraday-httpclient (1.0.1)
    faraday-multipart (1.0.4)
      multipart-post (~> 2)
    faraday-net_http (1.0.1)
    faraday-net_http_persistent (1.2.0)
    faraday-patron (1.0.0)
    faraday-rack (1.0.0)
    faraday-retry (1.0.3)
    faraday_middleware (1.2.0)
      faraday (~> 1.0)
    hashie (5.0.0)
    json (2.6.3)
    mime-types (3.5.1)
      mime-types-data (~> 3.2015)
    mime-types-data (3.2023.1003)
    multipart-post (2.3.0)
    oauth (0.6.2)
      snaky_hash (~> 2.0)
      version_gem (~> 1.1)
    ruby2_keywords (0.0.5)
    simple_oauth (0.3.1)
    snaky_hash (2.0.1)
      hashie
      version_gem (~> 1.1, >= 1.1.1)
    version_gem (1.1.3)

PLATFORMS
  arm64-darwin-23
  ruby

DEPENDENCIES
  tumblr_client!

BUNDLED WITH
   2.4.22
