GIT
  remote: https://github.com/indirect/tumblr.git
  revision: b6dea258108d660450b0c8cf2d229f6d931c2520
  specs:
    tumblr (2.3.0)
      launchy (~> 2.1.2)
      simple_oauth (~> 0.2.0)
      sinatra (~> 1.4.0)
      thor (~> 0.18.0)
      weary (~> 1.1.0)

GEM
  remote: https://rubygems.org/
  specs:
    addressable (2.7.0)
      public_suffix (>= 2.0.2, < 5.0)
    launchy (2.1.2)
      addressable (~> 2.3)
    multi_json (1.14.1)
    promise (0.3.1)
    public_suffix (4.0.2)
    rack (1.6.12)
    rack-protection (1.5.5)
      rack
    simple_oauth (0.2.0)
    sinatra (1.4.8)
      rack (~> 1.5)
      rack-protection (~> 1.4)
      tilt (>= 1.3, < 3)
    thor (0.18.1)
    tilt (2.0.10)
    weary (1.1.3)
      addressable (~> 2.3)
      multi_json (~> 1.7)
      promise (~> 0.3.0)
      rack (~> 1.5)
      simple_oauth (~> 0.2)

PLATFORMS
  ruby
  universal-darwin-17

DEPENDENCIES
  tumblr!

BUNDLED WITH
   2.0.2
