GIT
  remote: https://github.com/indirect/tumblr.git
  revision: caee39dd575890199824db275077f7827c7309c3
  specs:
    tumblr (2.3.0)
      launchy (~> 2.1)
      simple_oauth (~> 0.2.0)
      sinatra (~> 2.0)
      thor (~> 0.18.0)
      weary (~> 2.0)

GIT
  remote: https://github.com/indirect/weary.git
  revision: 267b113956178d456d35f011663815488621777e
  specs:
    weary (2.0.2)
      addressable (~> 2.3)
      multi_json (~> 1.7)
      promise (~> 0.3.0)
      rack (>= 2.1.4)
      simple_oauth (~> 0.2)

GEM
  remote: https://rubygems.org/
  specs:
    addressable (2.8.0)
      public_suffix (>= 2.0.2, < 5.0)
    launchy (2.5.0)
      addressable (~> 2.7)
    multi_json (1.15.0)
    mustermann (1.1.1)
      ruby2_keywords (~> 0.0.1)
    promise (0.3.1)
    public_suffix (4.0.6)
    rack (2.2.3)
    rack-protection (2.2.0)
      rack
    ruby2_keywords (0.0.5)
    simple_oauth (0.2.0)
    sinatra (2.2.0)
      mustermann (~> 1.0)
      rack (~> 2.2)
      rack-protection (= 2.2.0)
      tilt (~> 2.0)
    thor (0.18.1)
    tilt (2.0.10)

PLATFORMS
  ruby
  universal-darwin-17

DEPENDENCIES
  tumblr!
  weary!

BUNDLED WITH
   2.2.30
